PATH
  remote: .
  specs:
    satoshy (0.1.9.5)

GEM
  remote: https://rubygems.org/
  specs:
    rake (10.5.0)

PLATFORMS
  ruby

DEPENDENCIES
  bundler (~> 1.12)
  rake (~> 10.0)
  satoshy!

BUNDLED WITH
   1.12.3
